GEM
  specs:
    ruby-sdl2 (0.3.6)
    ruby2d (0.12.1)

PLATFORMS
  ruby
  x86_64-linux

DEPENDENCIES
  ruby-sdl2 (~> 0.3.6)
  ruby2d (~> 0.12.1)

BUNDLED WITH
   2.5.22
